PATH
  remote: .
  specs:
    bare_coffee (0.1.0)
      sprockets (~> 2.3.1)

GEM
  remote: http://rubygems.org/
  specs:
    hike (1.2.1)
    multi_json (1.1.0)
    rack (1.4.1)
    sprockets (2.3.1)
      hike (~> 1.2)
      multi_json (~> 1.0)
      rack (~> 1.0)
      tilt (~> 1.1, != 1.3.0)
    tilt (1.3.3)

PLATFORMS
  ruby

DEPENDENCIES
  bare_coffee!
